GEM
  remote: https://rubygems.org/
  specs:
    addressable (2.8.1)
      public_suffix (>= 2.0.2, < 6.0)
    capybara (3.38.0)
      addressable
      matrix
      mini_mime (>= 0.1.3)
      nokogiri (~> 1.8)
      rack (>= 1.6.0)
      rack-test (>= 0.6.3)
      regexp_parser (>= 1.5, < 3.0)
      xpath (~> 3.2)
    chronic (0.10.2)
    docile (1.4.0)
    erubi (1.12.0)
    matrix (0.4.2)
    mini_mime (1.1.2)
    minitest (5.16.3)
    minitest-global_expectations (1.0.1)
      minitest (> 5)
    minitest-hooks (1.5.0)
      minitest (> 5.3)
    nokogiri (1.13.10-x86_64-linux)
      racc (~> 1.4)
    pg (1.4.5)
    public_suffix (5.0.1)
    racc (1.6.2)
    rack (3.0.3)
    rack-test (2.0.2)
      rack (>= 1.3)
    rack-unreloader (2.0.0)
    rackup (0.2.3)
      rack (>= 3.0.0.beta1)
      webrick
    rake (13.0.6)
    refrigerator (1.4.1)
    regexp_parser (2.6.1)
    roda (3.63.0)
      rack
    sequel (5.63.0)
    sequel-annotate (1.7.0)
      sequel (>= 4)
    sequel_pg (1.17.0)
      pg (>= 0.18.0, != 1.2.0)
      sequel (>= 4.38.0)
    simplecov (0.22.0)
      docile (~> 1.1)
      simplecov-html (~> 0.11)
      simplecov_json_formatter (~> 0.1)
    simplecov-html (0.12.3)
    simplecov_json_formatter (0.1.4)
    tilt (2.0.11)
    webrick (1.7.0)
    whenever (1.0.0)
      chronic (>= 0.6.3)
    xpath (3.2.0)
      nokogiri (~> 1.8)

PLATFORMS
  x86_64-linux

DEPENDENCIES
  capybara
  erubi (>= 1.5)
  minitest (>= 5.7.0)
  minitest-global_expectations
  minitest-hooks (>= 1.1.0)
  rack-unreloader (>= 1.8)
  rackup
  rake
  refrigerator (>= 1)
  roda (>= 3.62)
  sequel
  sequel-annotate
  sequel_pg
  simplecov
  tilt (>= 2.0.9)
  whenever

BUNDLED WITH
   2.4.1
